GEM
  remote: https://rubygems.org/
  specs:
    faker (1.3.0)
      i18n (~> 0.5)
    i18n (0.6.9)

PLATFORMS
  ruby

DEPENDENCIES
  faker
